GEM
  remote: https://ruby.taobao.org/
  specs:
    public_suffix (1.5.1)

PLATFORMS
  ruby

DEPENDENCIES
  public_suffix
