GEM
  specs:
    public_suffix (1.5.1)

PLATFORMS
  ruby

DEPENDENCIES
  public_suffix

BUNDLED WITH
   1.10.5
